GIT
  remote: git://github.com/leoc/guard-rake.git
  revision: 263e0c03308daa98b405d422c9cb085ec32ff960
  branch: feature-fix-multiple-runs
  specs:
    guard-rake (1.0.0)
      guard
      rake

GIT
  remote: https://github.com/peterkeen/grack
  revision: 77ffad0fe9f45a68d1aac2be1502dafe1421113e
  specs:
    grack (0.1.0)
      rack

GIT
  remote: https://github.com/peterkeen/ledger-web
  revision: d1bdcacef1d075fa213071424b0b660391ba45c1
  specs:
    ledger_web (1.5.2)
      database_cleaner
      directory_watcher (~> 1.5.1)
      docverter
      pg
      rack (>= 1.3.6)
      rest-client
      rspec
      sequel
      sinatra
      sinatra-contrib
      sinatra-session

GEM
  remote: http://rubygems.org/
  specs:
    RubyInline (3.12.4)
      ZenTest (~> 4.3)
    ZenTest (4.11.1)
    activesupport (5.1.4)
      concurrent-ruby (~> 1.0, >= 1.0.2)
      i18n (~> 0.7)
      minitest (~> 5.1)
      tzinfo (~> 1.1)
    backports (3.10.3)
    coderay (1.1.2)
    concurrent-ruby (1.0.5)
    database_cleaner (1.6.2)
    diff-lcs (1.3)
    directory_watcher (1.5.1)
    docverter (1.0.1)
      rest-client (~> 1.7)
    domain_name (0.5.20170404)
      unf (>= 0.0.5, < 1.0.0)
    ffi (1.9.18)
    formatador (0.2.5)
    guard (2.14.1)
      formatador (>= 0.2.4)
      listen (>= 2.7, < 4.0)
      lumberjack (~> 1.0)
      nenv (~> 0.1)
      notiffany (~> 0.0)
      pry (>= 0.9.12)
      shellany (~> 0.0)
      thor (>= 0.18.1)
    http-cookie (1.0.3)
      domain_name (~> 0.5)
    i18n (0.9.1)
      concurrent-ruby (~> 1.0)
    json (2.1.0)
    listen (3.1.5)
      rb-fsevent (~> 0.9, >= 0.9.4)
      rb-inotify (~> 0.9, >= 0.9.7)
      ruby_dep (~> 1.2)
    lumberjack (1.0.12)
    method_source (0.9.0)
    mime-types (2.99.3)
    minitest (5.10.3)
    multi_json (1.12.2)
    mustermann (1.0.1)
    nenv (0.3.0)
    netrc (0.11.0)
    notiffany (0.1.1)
      nenv (~> 0.1)
      shellany (~> 0.0)
    pg (0.21.0)
    pry (0.11.3)
      coderay (~> 1.1.0)
      method_source (~> 0.9.0)
    puma (3.10.0)
    rack (2.0.3)
    rack-protection (2.0.0)
      rack
    rack-proxy (0.6.3)
      rack
    rack-reverse-proxy (0.12.0)
      rack (>= 1.0.0)
      rack-proxy (~> 0.6, >= 0.6.1)
    rack-rewrite (1.5.1)
    rack-ssl (1.4.1)
      rack
    rake (12.3.0)
    rb-fsevent (0.10.2)
    rb-inotify (0.9.10)
      ffi (>= 0.5.0, < 2)
    rest-client (1.8.0)
      http-cookie (>= 1.0.2, < 2.0)
      mime-types (>= 1.16, < 3.0)
      netrc (~> 0.7)
    rspec (3.7.0)
      rspec-core (~> 3.7.0)
      rspec-expectations (~> 3.7.0)
      rspec-mocks (~> 3.7.0)
    rspec-core (3.7.0)
      rspec-support (~> 3.7.0)
    rspec-expectations (3.7.0)
      diff-lcs (>= 1.2.0, < 2.0)
      rspec-support (~> 3.7.0)
    rspec-mocks (3.7.0)
      diff-lcs (>= 1.2.0, < 2.0)
      rspec-support (~> 3.7.0)
    rspec-support (3.7.0)
    ruby_dep (1.5.0)
    sequel (5.2.0)
    shellany (0.0.1)
    sinatra (2.0.0)
      mustermann (~> 1.0)
      rack (~> 2.0)
      rack-protection (= 2.0.0)
      tilt (~> 2.0)
    sinatra-contrib (2.0.0)
      backports (>= 2.0)
      multi_json
      mustermann (~> 1.0)
      rack-protection (= 2.0.0)
      sinatra (= 2.0.0)
      tilt (>= 1.3, < 3)
    sinatra-session (1.0.0)
      sinatra (>= 1.0)
    thor (0.20.0)
    thread_safe (0.3.6)
    tilt (2.0.8)
    tzinfo (1.2.4)
      thread_safe (~> 0.1)
    unf (0.1.4)
      unf_ext
    unf_ext (0.0.7.4)
    xirr (0.6.0)
      RubyInline (~> 3)
      activesupport (>= 4.2, <= 5.2)

PLATFORMS
  ruby

DEPENDENCIES
  grack!
  guard-rake!
  json
  ledger_web!
  puma
  rack-reverse-proxy
  rack-rewrite (~> 1.5.0)
  rack-ssl
  rake
  rest-client
  xirr

BUNDLED WITH
   1.16.1
